GEM
  remote: http://rubygems.org/
  specs:
    diff-lcs (1.1.3)
    facter (1.6.11)
    hiera (0.3.0)
    hiera-puppet (0.3.0)
      hiera (~> 0.3.0)
    metaclass (0.0.1)
    mocha (0.12.3)
      metaclass (~> 0.0.1)
    puppet (2.7.19)
      facter (~> 1.5)
    puppet-lint (0.2.1)
    puppetlabs_spec_helper (0.3.0)
      mocha (>= 0.10.5)
      rake
      rspec (>= 2.9.0)
      rspec-puppet (>= 0.1.1)
    rake (0.9.2.2)
    rspec (2.11.0)
      rspec-core (~> 2.11.0)
      rspec-expectations (~> 2.11.0)
      rspec-mocks (~> 2.11.0)
    rspec-core (2.11.1)
    rspec-expectations (2.11.2)
      diff-lcs (~> 1.1.3)
    rspec-hiera-puppet (0.3.0)
      hiera (>= 0.3)
      hiera-puppet (>= 0.3)
      puppet (>= 2.7)
      rspec
      rspec-puppet
    rspec-mocks (2.11.2)
    rspec-puppet (0.1.4)
      rspec

PLATFORMS
  ruby

DEPENDENCIES
  hiera (>= 0.3.0)
  hiera-puppet (>= 0.3.0)
  puppet (>= 2.7.1)
  puppet-lint (>= 0.2.0)
  puppetlabs_spec_helper (>= 0.2.0)
  rake
  rspec-hiera-puppet (>= 0.3.0)
  rspec-puppet (>= 0.1.3)
